GEM
  remote: http://rubygems.org/
  specs:
    allison (2.0.3)
    echoe (4.6.3)
      allison (>= 2.0.3)
      gemcutter (>= 0.7.0)
      rake (>= 0.9.2)
      rdoc (>= 3.6.1)
      rubyforge (>= 2.0.4)
    gemcutter (0.7.1)
    json (1.6.5)
    json_pure (1.6.5)
    memcache-client (1.8.5)
    rake (0.9.2.2)
    rdoc (3.12)
      json (~> 1.4)
    retryable (1.2.5)
    rubyforge (2.0.4)
      json_pure (>= 1.1.7)

PLATFORMS
  ruby

DEPENDENCIES
  echoe
  memcache-client
  retryable
